PATH
  remote: .
  specs:
    i_error (0.1.0)
      command_line

GEM
  remote: https://rubygems.org/
  specs:
    command_line (2.0.1)
    diff-lcs (1.5.0)
    rake (13.0.6)
    rspec (3.11.0)
      rspec-core (~> 3.11.0)
      rspec-expectations (~> 3.11.0)
      rspec-mocks (~> 3.11.0)
    rspec-core (3.11.0)
      rspec-support (~> 3.11.0)
    rspec-expectations (3.11.1)
      diff-lcs (>= 1.2.0, < 2.0)
      rspec-support (~> 3.11.0)
    rspec-mocks (3.11.1)
      diff-lcs (>= 1.2.0, < 2.0)
      rspec-support (~> 3.11.0)
    rspec-support (3.11.1)

PLATFORMS
  x86_64-darwin-18

DEPENDENCIES
  i_error!
  rake (~> 13.0)
  rspec (~> 3.0)

BUNDLED WITH
   2.3.24
